PATH
  remote: .
  specs:
    anthos_deployer (0.1.0)
      active_interaction (~> 3.6)
      activesupport (>= 4.2)
      awesome_print
      bigdecimal
      colorize (~> 0.8)
      figaro (~> 1.1)
      googleauth (>= 0.5)
      json
      kubeclient (~> 3.0)
      kubernetes-deploy (= 0.20.1)
      parallel
      rest-client (>= 1.7)
      statsd-instrument (~> 2.1)

GEM
  remote: https://rubygems.org/
  specs:
    active_interaction (3.6.2)
      activemodel (>= 4, < 6)
    activemodel (5.2.2)
      activesupport (= 5.2.2)
    activesupport (5.2.2)
      concurrent-ruby (~> 1.0, >= 1.0.2)
      i18n (>= 0.7, < 2)
      minitest (~> 5.1)
      tzinfo (~> 1.1)
    addressable (2.5.2)
      public_suffix (>= 2.0.2, < 4.0)
    ansi (1.5.0)
    ast (2.4.0)
    awesome_print (1.8.0)
    bigdecimal (1.3.5)
    builder (3.2.3)
    byebug (10.0.0)
    codecov (0.1.10)
      json
      simplecov
      url
    coderay (1.1.2)
    colorize (0.8.1)
    concurrent-ruby (1.1.3)
    crack (0.4.3)
      safe_yaml (~> 1.0.0)
    docile (1.1.5)
    domain_name (0.5.20180417)
      unf (>= 0.0.5, < 1.0.0)
    ejson (1.0.1)
    faraday (0.15.4)
      multipart-post (>= 1.2, < 3)
    figaro (1.1.1)
      thor (~> 0.14)
    googleauth (0.7.1)
      faraday (~> 0.12)
      jwt (>= 1.4, < 3.0)
      memoist (~> 0.16)
      multi_json (~> 1.11)
      os (>= 0.9, < 2.0)
      signet (~> 0.7)
    hashdiff (0.3.7)
    http (2.2.2)
      addressable (~> 2.3)
      http-cookie (~> 1.0)
      http-form_data (~> 1.0.1)
      http_parser.rb (~> 0.6.0)
    http-cookie (1.0.3)
      domain_name (~> 0.5)
    http-form_data (1.0.3)
    http_parser.rb (0.6.0)
    i18n (1.2.0)
      concurrent-ruby (~> 1.0)
    json (2.3.1)
    jwt (2.1.0)
    kubeclient (3.1.2)
      http (~> 2.2.2)
      recursive-open-struct (~> 1.0, >= 1.0.4)
      rest-client (~> 2.0)
    kubernetes-deploy (0.20.1)
      activesupport (>= 5.0)
      colorize (~> 0.8)
      ejson (= 1.0.1)
      googleauth (>= 0.5)
      kubeclient (~> 3.0)
      statsd-instrument (~> 2.1)
    memoist (0.16.0)
    metaclass (0.0.4)
    method_source (0.9.0)
    mime-types (3.2.2)
      mime-types-data (~> 3.2015)
    mime-types-data (3.2018.0812)
    minitest (5.11.3)
    minitest-reporters (1.1.19)
      ansi
      builder
      minitest (>= 5.0)
      ruby-progressbar
    minitest-stub-const (0.6)
    mocha (1.3.0)
      metaclass (~> 0.0.1)
    multi_json (1.13.1)
    multipart-post (2.0.0)
    netrc (0.11.0)
    os (1.0.0)
    parallel (1.12.1)
    parser (2.5.0.2)
      ast (~> 2.4.0)
    powerpack (0.1.1)
    pry (0.11.3)
      coderay (~> 1.1.0)
      method_source (~> 0.9.0)
    pry-byebug (3.6.0)
      byebug (~> 10.0)
      pry (~> 0.10)
    public_suffix (3.0.2)
    rainbow (3.0.0)
    rake (10.5.0)
    recursive-open-struct (1.1.0)
    rest-client (2.0.2)
      http-cookie (>= 1.0.2, < 2.0)
      mime-types (>= 1.16, < 4.0)
      netrc (~> 0.8)
    rubocop (0.52.1)
      parallel (~> 1.10)
      parser (>= 2.4.0.2, < 3.0)
      powerpack (~> 0.1)
      rainbow (>= 2.2.2, < 4.0)
      ruby-progressbar (~> 1.7)
      unicode-display_width (~> 1.0, >= 1.0.1)
    ruby-prof (0.17.0)
    ruby-prof-flamegraph (0.3.0)
      ruby-prof (~> 0.13)
    ruby-progressbar (1.9.0)
    safe_yaml (1.0.4)
    signet (0.11.0)
      addressable (~> 2.3)
      faraday (~> 0.9)
      jwt (>= 1.5, < 3.0)
      multi_json (~> 1.10)
    simplecov (0.15.1)
      docile (~> 1.1.0)
      json (>= 1.8, < 3)
      simplecov-html (~> 0.10.0)
    simplecov-html (0.10.2)
    statsd-instrument (2.3.2)
    thor (0.20.3)
    thread_safe (0.3.6)
    timecop (0.9.1)
    tzinfo (1.2.5)
      thread_safe (~> 0.1)
    unf (0.1.4)
      unf_ext
    unf_ext (0.0.7.5)
    unicode-display_width (1.3.0)
    url (0.3.2)
    webmock (3.3.0)
      addressable (>= 2.3.6)
      crack (>= 0.3.2)
      hashdiff

PLATFORMS
  ruby

DEPENDENCIES
  anthos_deployer!
  bundler
  byebug
  codecov
  minitest (~> 5.0)
  minitest-reporters
  minitest-stub-const (~> 0.6)
  mocha (~> 1.1)
  pry
  pry-byebug
  rake (~> 10.5)
  rubocop
  ruby-prof
  ruby-prof-flamegraph
  timecop
  webmock (~> 3.0)

BUNDLED WITH
   1.16.1
